{
	"Modality": "MR",
	"MagneticFieldStrength": 3,
	"ImagingFrequency": 123.186,
	"Manufacturer": "Siemens",
	"ManufacturersModelName": "Skyra",
	"InstitutionName": "The Univ. of Texas at Austin IRC",
	"InstitutionalDepartmentName": "IRC",
	"InstitutionAddress": "E 24th St. 100,Austin,Southmiddle,US,78712",
	"DeviceSerialNumber": "45239",
	"StationName": "AWP45239",
	"BodyPartExamined": "BRAIN",
	"PatientPosition": "HFS",
	"ProcedureStepDescription": "Huth^stories",
	"SoftwareVersions": "syngo MR E11",
	"MRAcquisitionType": "2D",
	"SeriesDescription": "itsabox",
	"ProtocolName": "itsabox",
	"ScanningSequence": "EP",
	"SequenceVariant": "SK\\SS",
	"ScanOptions": "FS\\EXT",
	"SequenceName": "epfid2d1_84",
	"ImageType": ["ORIGINAL", "PRIMARY", "M", "MB", "ND", "NORM", "MOSAIC"],
	"SeriesNumber": 18,
	"AcquisitionTime": "18:16:28.655000",
	"AcquisitionNumber": 1,
	"ImageComments": "Unaliased MB2/PE2/LB SENSE1",
	"SliceThickness": 2.6,
	"SpacingBetweenSlices": 2.6,
	"SAR": 0.100258,
	"EchoTime": 0.0308,
	"RepetitionTime": 2,
	"FlipAngle": 71,
	"PartialFourier": 1,
	"BaseResolution": 84,
	"ShimSetting": [
		-2712,
		7942,
		-15356,
		209,
		788,
		-636,
		-404,
		-42	],
	"TxRefAmp": 343.05,
	"PhaseResolution": 1,
	"ReceiveCoilName": "HeadNeck_64",
	"ReceiveCoilActiveElements": "HC1-6",
	"PulseSequenceDetails": "%CustomerSeq%\\cmrr_mbep2d_bold",
	"WipMemBlock": "854b1318-5ac7-4fb3-93b3-a2d444f46e45||Sequence: R016 ve11c/master r/e634e98; Dec 19 2017 11:00:25 by eja",
	"CoilCombinationMethod": "Sum of Squares",
	"ConsistencyInfo": "N4_VE11C_LATEST_20160120",
	"MatrixCoilMode": "SENSE",
	"MultibandAccelerationFactor": 2,
	"PercentPhaseFOV": 100,
	"PercentSampling": 100,
	"EchoTrainLength": 84,
	"PhaseEncodingSteps": 84,
	"AcquisitionMatrixPE": 84,
	"ReconMatrixPE": 84,
	"BandwidthPerPixelPhaseEncode": 21.259,
	"EffectiveEchoSpacing": 0.000559987,
	"DerivedVendorReportedEchoSpacing": 0.000559987,
	"TotalReadoutTime": 0.0464789,
	"PixelBandwidth": 2125,
	"DwellTime": 2.8e-06,
	"PhaseEncodingDirection": "j-",
	"SliceTiming": [
		0,
		1.0275,
		0.075,
		1.1,
		0.1475,
		1.175,
		0.22,
		1.2475,
		0.295,
		1.32,
		0.3675,
		1.395,
		0.44,
		1.4675,
		0.515,
		1.54,
		0.5875,
		1.615,
		0.66,
		1.6875,
		0.735,
		1.76,
		0.8075,
		1.835,
		0.88,
		1.9075,
		0.955,
		0,
		1.0275,
		0.075,
		1.1,
		0.1475,
		1.175,
		0.22,
		1.2475,
		0.295,
		1.32,
		0.3675,
		1.395,
		0.44,
		1.4675,
		0.515,
		1.54,
		0.5875,
		1.615,
		0.66,
		1.6875,
		0.735,
		1.76,
		0.8075,
		1.835,
		0.88,
		1.9075,
		0.955	],
	"ImageOrientationPatientDICOM": [
		1,
		0,
		0,
		0,
		1,
		0	],
	"ImageOrientationText": "Tra",
	"InPlanePhaseEncodingDirectionDICOM": "COL",
	"ConversionSoftware": "dcm2niix",
	"ConversionSoftwareVersion": "v1.0.20211006"
}
